GEM
  remote: https://rubygems.org/
  specs:
    geocoder (1.3.7)

PLATFORMS
  ruby

DEPENDENCIES
  geocoder

RUBY VERSION
   ruby 2.0.0p648

BUNDLED WITH
   1.12.5
